GIT
  remote: https://github.com/travis-ci/travis-env_vars
  revision: f2c2f6bbc02927bf380afeb7a2d6a0a50f459aa0
  ref: jc-collection
  specs:
    travis-env_vars (0.1.1)

GEM
  remote: https://rubygems.org/
  specs:
    diff-lcs (1.3)
    parslet (1.8.0)
    rspec (3.6.0)
      rspec-core (~> 3.6.0)
      rspec-expectations (~> 3.6.0)
      rspec-mocks (~> 3.6.0)
    rspec-core (3.6.0)
      rspec-support (~> 3.6.0)
    rspec-expectations (3.6.0)
      diff-lcs (>= 1.2.0, < 2.0)
      rspec-support (~> 3.6.0)
    rspec-mocks (3.6.0)
      diff-lcs (>= 1.2.0, < 2.0)
      rspec-support (~> 3.6.0)
    rspec-support (3.6.0)

PLATFORMS
  ruby

DEPENDENCIES
  parslet
  rspec
  travis-env_vars!

BUNDLED WITH
   1.16.2
